PATH
  remote: .
  specs:
    oanda_service_api (2.0.2)
      http-exceptions (~> 0.1)
      httparty (~> 0.13)
      persistent_httparty (~> 0.1)

GEM
  remote: https://rubygems.org/
  specs:
    byebug (9.1.0)
    concurrent-ruby (1.1.5)
    diff-lcs (1.3)
    gene_pool (1.5.0)
      concurrent-ruby (>= 1.0)
    http-exceptions (0.1.2)
    httparty (0.17.0)
      mime-types (~> 3.0)
      multi_xml (>= 0.5.2)
    mime-types (3.2.2)
      mime-types-data (~> 3.2015)
    mime-types-data (3.2019.0331)
    multi_xml (0.6.0)
    persistent_http (1.0.6)
      gene_pool (>= 1.3)
    persistent_httparty (0.1.2)
      httparty (~> 0.9)
      persistent_http (< 2)
    rake (10.5.0)
    rspec (3.7.0)
      rspec-core (~> 3.7.0)
      rspec-expectations (~> 3.7.0)
      rspec-mocks (~> 3.7.0)
    rspec-core (3.7.0)
      rspec-support (~> 3.7.0)
    rspec-expectations (3.7.0)
      diff-lcs (>= 1.2.0, < 2.0)
      rspec-support (~> 3.7.0)
    rspec-mocks (3.7.0)
      diff-lcs (>= 1.2.0, < 2.0)
      rspec-support (~> 3.7.0)
    rspec-support (3.7.0)

PLATFORMS
  ruby

DEPENDENCIES
  bundler (~> 1.16.a)
  byebug (~> 9.0)
  oanda_service_api!
  rake (~> 10.0)
  rspec (~> 3.4)

BUNDLED WITH
   1.17.2
